PATH
  remote: .
  specs:
    nanoc-fuel (0.0.7)
      haml (~> 3.1)
      nanoc (~> 3.1)

GEM
  remote: http://rubygems.org/
  specs:
    cri (2.1.0)
    haml (3.1.4)
    nanoc (3.3.0)
      cri (~> 2.1)

PLATFORMS
  ruby

DEPENDENCIES
  nanoc-fuel!
